GIT
  remote: git://github.com/ruby-rdf/rdf.git
  revision: 0696b96aac0d6969102afcd7af611340b79e8301
  specs:
    rdf (0.3.8)
      addressable (>= 2.2.6)

PATH
  remote: .
  specs:
    json-ld (0.1.6)
      backports
      json (>= 1.6.5)
      rdf (>= 0.3.5)

PATH
  remote: ../rdf-spec
  specs:
    rdf-spec (0.3.8)
      rspec (>= 2.8.0)

GEM
  remote: http://rubygems.org/
  specs:
    addressable (2.3.2)
    backports (2.6.4)
    diff-lcs (1.1.3)
    equivalent-xml (0.2.9)
      nokogiri (>= 1.4.3)
    haml (3.1.7)
    htmlentities (4.3.1)
    json (1.7.5)
    json_pure (1.7.5)
    linkeddata (0.3.5)
      json-ld (>= 0.1.0)
      rdf (>= 0.3.5)
      rdf-isomorphic (>= 0.3.4)
      rdf-json (>= 0.3.0)
      rdf-microdata (>= 0.2.3)
      rdf-n3 (>= 0.3.6)
      rdf-rdfa (>= 0.3.9)
      rdf-rdfxml (>= 0.3.5)
      rdf-trig (>= 0.1.1)
      rdf-trix (>= 0.3.0)
      rdf-turtle (>= 0.1.1)
    nokogiri (1.5.5)
    open-uri-cached (0.0.5)
    promise (0.3.0)
    rdf-isomorphic (0.3.4)
      rdf (>= 0.2.3)
    rdf-json (0.3.0)
      json_pure (>= 1.4.2)
      rdf (~> 0.3.0)
    rdf-microdata (0.2.5)
      htmlentities (>= 4.3.0)
      json (>= 1.6.1)
      rdf (>= 0.3.4)
      rdf-xsd (>= 0.3.4)
    rdf-n3 (0.3.7)
      rdf (>= 0.3.4)
    rdf-rdfa (0.3.15)
      haml (>= 3.1.6)
      htmlentities (>= 4.3.0)
      rdf (>= 0.3.5)
      rdf-xsd (>= 0.3.7)
    rdf-rdfxml (0.3.8)
      rdf (>= 0.3.4)
      rdf-xsd (>= 0.3.5)
    rdf-trig (0.1.3)
      rdf (>= 0.3.4)
      rdf-turtle (>= 0.1.1)
    rdf-trix (0.3.0)
      rdf (~> 0.3.0)
    rdf-turtle (0.1.2)
      rdf (>= 0.3.4)
    rdf-xsd (0.3.8)
      rdf (>= 0.3.4)
    rspec (2.11.0)
      rspec-core (~> 2.11.0)
      rspec-expectations (~> 2.11.0)
      rspec-mocks (~> 2.11.0)
    rspec-core (2.11.1)
    rspec-expectations (2.11.3)
      diff-lcs (~> 1.1.3)
    rspec-mocks (2.11.3)
    spira (0.0.12)
      promise (>= 0.3.0)
      rdf (>= 0.2.3)
      rdf-isomorphic (>= 0.3.0)
    wirble (0.1.3)
    yard (0.8.2.1)

PLATFORMS
  ruby

DEPENDENCIES
  backports
  equivalent-xml (>= 0.2.8)
  json-ld!
  linkeddata
  open-uri-cached (>= 0.0.5)
  rdf!
  rdf-isomorphic (>= 0.3.4)
  rdf-spec!
  rdf-trig (>= 0.1.1)
  rdf-turtle (>= 0.1.1)
  rdf-xsd (>= 0.3.7)
  rspec (>= 2.8.0)
  spira (>= 0.0.12)
  wirble
  yard (>= 0.7.4)
