GIT
  remote: git://github.com/ruby-rdf/rdf.git
  revision: 512c267a996aa77e3ab2184132c0ab9693c7339b
  specs:
    rdf (0.3.11)
      addressable (>= 2.2.6)

PATH
  remote: .
  specs:
    json-ld (0.3.2)
      backports
      json (>= 1.7.5)
      rdf (>= 0.3.11)

GEM
  remote: http://rubygems.org/
  specs:
    addressable (2.3.2)
    backports (2.6.5)
    diff-lcs (1.1.3)
    equivalent-xml (0.3.0)
      nokogiri (>= 1.4.3)
    haml (3.1.7)
    htmlentities (4.3.1)
    json (1.7.5)
    json (1.7.5-java)
    json_pure (1.7.5)
    linkeddata (0.3.5)
      json-ld (>= 0.1.0)
      rdf (>= 0.3.5)
      rdf-isomorphic (>= 0.3.4)
      rdf-json (>= 0.3.0)
      rdf-microdata (>= 0.2.3)
      rdf-n3 (>= 0.3.6)
      rdf-rdfa (>= 0.3.9)
      rdf-rdfxml (>= 0.3.5)
      rdf-trig (>= 0.1.1)
      rdf-trix (>= 0.3.0)
      rdf-turtle (>= 0.1.1)
    nokogiri (1.5.5)
    nokogiri (1.5.5-java)
    open-uri-cached (0.0.5)
    promise (0.3.0)
    rdf-isomorphic (0.3.4)
      rdf (>= 0.2.3)
    rdf-json (0.3.0)
      json_pure (>= 1.4.2)
      rdf (~> 0.3.0)
    rdf-microdata (0.2.5)
      htmlentities (>= 4.3.0)
      json (>= 1.6.1)
      rdf (>= 0.3.4)
      rdf-xsd (>= 0.3.4)
    rdf-n3 (0.3.7)
      rdf (>= 0.3.4)
    rdf-rdfa (0.3.16)
      haml (>= 3.1.7)
      htmlentities (>= 4.3.1)
      rdf (>= 0.3.11)
      rdf-xsd (>= 0.3.8)
    rdf-rdfxml (0.3.9)
      rdf (>= 0.3.11)
      rdf-xsd (>= 0.3.8)
    rdf-spec (0.3.11)
      rspec (>= 2.12.0)
    rdf-trig (0.1.4)
      rdf (>= 0.3.9)
      rdf-turtle (>= 0.3.0)
    rdf-trix (0.3.0)
      rdf (~> 0.3.0)
    rdf-turtle (0.3.2)
      rdf (>= 0.3.11)
    rdf-xsd (0.3.8)
      rdf (>= 0.3.4)
    rspec (2.12.0)
      rspec-core (~> 2.12.0)
      rspec-expectations (~> 2.12.0)
      rspec-mocks (~> 2.12.0)
    rspec-core (2.12.0)
    rspec-expectations (2.12.0)
      diff-lcs (~> 1.1.3)
    rspec-mocks (2.12.0)
    spira (0.0.12)
      promise (>= 0.3.0)
      rdf (>= 0.2.3)
      rdf-isomorphic (>= 0.3.0)
    wirble (0.1.3)
    yard (0.8.3)

PLATFORMS
  java
  ruby

DEPENDENCIES
  backports
  equivalent-xml (>= 0.2.8)
  json-ld!
  linkeddata
  open-uri-cached (>= 0.0.5)
  rdf!
  rdf-isomorphic (>= 0.3.4)
  rdf-spec (>= 0.3.11)
  rdf-trig (>= 0.1.4)
  rdf-turtle (>= 0.3.2)
  rdf-xsd (>= 0.3.8)
  rspec (>= 2.12.0)
  spira (>= 0.0.12)
  wirble
  yard (>= 0.8.3)
