GIT
  remote: https://github.com/gkellogg/rdf-spec.git
  revision: acfa065b6f6635099229cb9e00f78cf5e4ce386c
  branch: 0.4.x
  specs:
    rdf-spec (0.4.0)
      rspec (>= 2.1)

GIT
  remote: https://github.com/gkellogg/rdf.git
  revision: 8bb0f571e6b588ef94fbfe81a86a22dd1f15bd2e
  branch: 0.4.x
  specs:
    rdf (0.4.0)
      addressable (>= 2.2)

GIT
  remote: https://github.com/gkellogg/sparql-algebra.git
  revision: 058b98a0b60153af6a2d05d495d1b7db59a2d73c
  specs:
    sparql-algebra (0.0.8)
      rdf (~> 0.4.0)
      rdf-n3 (>= 0.3.1)

GIT
  remote: https://github.com/gkellogg/sparql-grammar.git
  revision: 98c93f3df54bdaf926d784bd09e7916df80b18cb
  specs:
    sparql-grammar (0.0.6)
      rdf (~> 0.4.0)
      sparql-algebra (>= 0.0.6)
      sxp (>= 0.0.14)

GIT
  remote: https://github.com/gkellogg/sxp-ruby.git
  revision: af08d70385f637726f56b6f40afc7192918518e0
  branch: query-algebra
  specs:
    sxp (0.0.14)
      json (>= 1.5.1)

GEM
  remote: http://rubygems.org/
  specs:
    addressable (2.2.6)
    diff-lcs (1.1.2)
    json (1.5.1)
    open-uri-cached (0.0.4)
    promise (0.3.0)
    rdf-isomorphic (0.3.4)
      rdf (>= 0.2.3)
    rdf-n3 (0.3.3.1)
      rdf (>= 0.3.3)
    rspec (2.6.0)
      rspec-core (~> 2.6.0)
      rspec-expectations (~> 2.6.0)
      rspec-mocks (~> 2.6.0)
    rspec-core (2.6.2)
    rspec-expectations (2.6.0)
      diff-lcs (~> 1.1.2)
    rspec-mocks (2.6.0)
    spira (0.0.12)
      promise (>= 0.3.0)
      rdf (>= 0.2.3)
      rdf-isomorphic (>= 0.3.0)
    yard (0.7.1)

PLATFORMS
  ruby

DEPENDENCIES
  addressable
  json (>= 1.5.1)
  open-uri-cached (>= 0.0.3)
  rdf!
  rdf-isomorphic (>= 0.3.4)
  rdf-n3 (>= 0.3.1)
  rdf-spec!
  rspec (>= 2.1.0)
  sparql-algebra!
  sparql-grammar!
  spira (>= 0.0.12)
  sxp!
  yard (>= 0.6.4)
