GIT
  remote: git://github.com/ruby-rdf/rdf.git
  revision: 08fd56617fc6973ce4fc6ae4abed5959c5bec2ac
  specs:
    rdf (0.3.5.2)
      addressable (>= 2.2.6)

PATH
  remote: .
  specs:
    json-ld (0.1.2)
      backports
      json (>= 1.6.5)
      rdf (>= 0.3.5)

GEM
  remote: http://rubygems.org/
  specs:
    addressable (2.2.8)
    backports (2.5.3)
    builder (3.0.0)
    diff-lcs (1.1.3)
    equivalent-xml (0.2.9)
      nokogiri (>= 1.4.3)
    haml (3.1.6)
    htmlentities (4.3.1)
    json (1.7.3)
    json (1.7.3-java)
    json_pure (1.7.3)
    linkeddata (0.3.5)
      json-ld (>= 0.1.0)
      rdf (>= 0.3.5)
      rdf-isomorphic (>= 0.3.4)
      rdf-json (>= 0.3.0)
      rdf-microdata (>= 0.2.3)
      rdf-n3 (>= 0.3.6)
      rdf-rdfa (>= 0.3.9)
      rdf-rdfxml (>= 0.3.5)
      rdf-trig (>= 0.1.1)
      rdf-trix (>= 0.3.0)
      rdf-turtle (>= 0.1.1)
    net-http-persistent (1.4.1)
    nokogiri (1.5.2)
    nokogiri (1.5.2-java)
    open-uri-cached (0.0.5)
    promise (0.3.0)
    rdf-isomorphic (0.3.4)
      rdf (>= 0.2.3)
    rdf-json (0.3.0)
      json_pure (>= 1.4.2)
      rdf (~> 0.3.0)
    rdf-microdata (0.2.4)
      htmlentities (>= 4.3.0)
      json (>= 1.6.1)
      rdf (>= 0.3.4)
      rdf-xsd (>= 0.3.4)
    rdf-n3 (0.3.7)
      rdf (>= 0.3.4)
    rdf-rdfa (0.3.12)
      haml (>= 3.0.0)
      htmlentities (>= 4.3.0)
      rdf (>= 0.3.3)
      rdf-xsd (>= 0.3.5)
    rdf-rdfxml (0.3.7)
      rdf (>= 0.3.4)
      rdf-xsd (>= 0.3.5)
    rdf-spec (0.3.5.1)
      rspec (>= 2.8.0)
    rdf-trig (0.1.3)
      rdf (>= 0.3.4)
      rdf-turtle (>= 0.1.1)
    rdf-trix (0.3.0)
      rdf (~> 0.3.0)
    rdf-turtle (0.1.2)
      rdf (>= 0.3.4)
    rdf-xsd (0.3.6)
      nokogiri (>= 1.5.0)
      rdf (>= 0.3.4)
    rspec (2.10.0)
      rspec-core (~> 2.10.0)
      rspec-expectations (~> 2.10.0)
      rspec-mocks (~> 2.10.0)
    rspec-core (2.10.0)
    rspec-expectations (2.10.0)
      diff-lcs (~> 1.1.3)
    rspec-mocks (2.10.1)
    sparql (0.3.0)
      builder (>= 3.0.0)
      json (>= 1.5.1)
      rdf (>= 0.3.5)
      rdf-xsd (>= 0.3.5)
      sparql-client (>= 0.1.0)
      sxp (>= 0.0.14)
    sparql-client (0.1.0)
      json_pure (>= 1.6.5)
      net-http-persistent (~> 1.4.1)
      rdf (>= 0.3.5)
    spira (0.0.12)
      promise (>= 0.3.0)
      rdf (>= 0.2.3)
      rdf-isomorphic (>= 0.3.0)
    sxp (0.0.14)
      json (>= 1.5.1)
    wirble (0.1.3)
    yard (0.8.1)

PLATFORMS
  java
  ruby

DEPENDENCIES
  backports
  equivalent-xml (>= 0.2.8)
  json-ld!
  linkeddata
  open-uri-cached (>= 0.0.5)
  rdf!
  rdf-isomorphic (>= 0.3.4)
  rdf-spec (>= 0.3.5)
  rdf-trig (>= 0.1.1)
  rdf-turtle (>= 0.1.1)
  rspec (>= 2.8.0)
  sparql (>= 0.0.2)
  spira (>= 0.0.12)
  wirble
  yard (>= 0.7.4)
