PATH
  remote: .
  specs:
    json-ld (0.1.1)
      json (>= 1.6.5)
      rdf (>= 0.3.4)

GEM
  remote: http://rubygems.org/
  specs:
    addressable (2.2.6)
    builder (3.0.0)
    diff-lcs (1.1.3)
    equivalent-xml (0.2.8)
      nokogiri (>= 1.4.3)
    json (1.6.5)
    json (1.6.5-java)
    json_pure (1.6.5)
    net-http-persistent (1.4.1)
    nokogiri (1.5.0)
    nokogiri (1.5.0-java)
    open-uri-cached (0.0.5)
    promise (0.3.0)
    rdf (0.3.4.1)
      addressable (>= 2.2.6)
    rdf-isomorphic (0.3.4)
      rdf (>= 0.3.4)
    rdf-spec (0.3.4.1)
      rspec (>= 2.6.0)
    rdf-turtle (0.1.1)
      rdf (>= 0.3.4)
    rdf-xsd (0.3.5)
      nokogiri (>= 1.5.0)
      rdf (>= 0.3.4)
    rspec (2.8.0)
      rspec-core (~> 2.8.0)
      rspec-expectations (~> 2.8.0)
      rspec-mocks (~> 2.8.0)
    rspec-core (2.8.0)
    rspec-expectations (2.8.0)
      diff-lcs (~> 1.1.2)
    rspec-mocks (2.8.0)
    sparql (0.0.2)
      builder (>= 3.0.0)
      json (>= 1.5.1)
      rdf (>= 0.3.4)
      rdf-xsd (>= 0.3.4)
      sparql-client (>= 0.0.9)
      sxp (>= 0.0.14)
    sparql-client (0.0.11)
      json_pure (>= 1.4.2)
      net-http-persistent (~> 1.4.1)
      rdf (>= 0.3.4)
    spira (0.0.12)
      promise (>= 0.3.0)
      rdf (>= 0.2.3)
      rdf-isomorphic (>= 0.3.0)
    sxp (0.0.14)
      json (>= 1.5.1)
    wirble (0.1.3)
    yard (0.7.4)

PLATFORMS
  java
  ruby

DEPENDENCIES
  equivalent-xml (>= 0.2.8)
  json-ld!
  open-uri-cached (>= 0.0.5)
  rdf-isomorphic (>= 0.3.4)
  rdf-spec (>= 0.3.4)
  rdf-turtle (>= 0.1.0)
  rspec (>= 2.8.0)
  sparql (>= 0.0.2)
  spira (>= 0.0.12)
  wirble
  yard (>= 0.7.4)
